GEM
  remote: http://rubygems.org/
  remote: http://gems.github.com/
  specs:
    diff-lcs (1.1.2)
    rr (1.0.2)
    rspec (2.5.0)
      rspec-core (~> 2.5.0)
      rspec-expectations (~> 2.5.0)
      rspec-mocks (~> 2.5.0)
    rspec-core (2.5.2)
    rspec-expectations (2.5.0)
      diff-lcs (~> 1.1.2)
    rspec-mocks (2.5.0)
    zookeeper (0.4.4)

PLATFORMS
  ruby

DEPENDENCIES
  rr (= 1.0.2)
  rspec (= 2.5.0)
  zookeeper (= 0.4.4)
